GIT
  remote: git://github.com/bbbco/magic_cloud.git
  revision: 54917d79c82982cab5e8c9af44bf08c92833d0b5
  branch: master
  specs:
    magic_cloud (0.0.3)
      rmagick
      slop (~> 3.6.0)

GEM
  remote: https://rubygems.org/
  specs:
    addressable (2.4.0)
    coderay (1.1.0)
    faraday (0.9.2)
      multipart-post (>= 1.2, < 3)
    koala (2.2.0)
      addressable
      faraday
      multi_json
    method_source (0.8.2)
    multi_json (1.11.2)
    multipart-post (2.0.0)
    pry (0.10.3)
      coderay (~> 1.1.0)
      method_source (~> 0.8.1)
      slop (~> 3.4)
    rmagick (2.15.4)
    slop (3.6.0)

PLATFORMS
  ruby

DEPENDENCIES
  koala
  magic_cloud!
  pry

BUNDLED WITH
   1.10.6
